GIT
  remote: git://github.com/leehambley/railsless-deploy.git
  revision: c167f0dc0ffd2632d670352c3acff46572268d68
  specs:
    railsless-deploy (1.1.1)

GEM
  specs:
    capistrano (2.15.4)
      highline
      net-scp (>= 1.0.0)
      net-sftp (>= 2.0.0)
      net-ssh (>= 2.0.14)
      net-ssh-gateway (>= 1.1.0)
    capistrano-multistage (0.0.4)
      capistrano (>= 2.12.0)
      rake
    highline (1.6.19)
    net-scp (1.1.1)
      net-ssh (>= 2.6.5)
    net-sftp (2.1.2)
      net-ssh (>= 2.6.5)
    net-ssh (2.6.7)
    net-ssh-gateway (1.2.0)
      net-ssh (>= 2.6.5)
    rake (10.0.4)

PLATFORMS
  ruby

DEPENDENCIES
  capistrano
  capistrano-multistage
  railsless-deploy!
